GEM
  remote: https://rubygems.org/
  specs:
    rainbow (2.2.2)
      rake
    rake (13.0.6)
    terminal-table (1.8.0)
      unicode-display_width (~> 1.1, >= 1.1.1)
    unicode-display_width (1.8.0)

PLATFORMS
  x86_64-linux

DEPENDENCIES
  rainbow (~> 2.0)
  terminal-table (~> 1.8)

BUNDLED WITH
   2.3.6
